PATH
  remote: .
  specs:
    blurhash (0.1.4)
      ffi (~> 1.10)

GEM
  remote: https://rubygems.org/
  specs:
    diff-lcs (1.3)
    ffi (1.12.2)
    rake (13.0.1)
    rake-compiler (1.0.7)
      rake
    rmagick (3.1.0)
    rspec (3.8.0)
      rspec-core (~> 3.8.0)
      rspec-expectations (~> 3.8.0)
      rspec-mocks (~> 3.8.0)
    rspec-core (3.8.0)
      rspec-support (~> 3.8.0)
    rspec-expectations (3.8.2)
      diff-lcs (>= 1.2.0, < 2.0)
      rspec-support (~> 3.8.0)
    rspec-mocks (3.8.0)
      diff-lcs (>= 1.2.0, < 2.0)
      rspec-support (~> 3.8.0)
    rspec-support (3.8.0)

PLATFORMS
  ruby

DEPENDENCIES
  blurhash!
  bundler (~> 2.0)
  rake (~> 13.0)
  rake-compiler
  rmagick (~> 3.1.0)
  rspec (~> 3.0)

BUNDLED WITH
   2.0.1
